PATH
  remote: .
  specs:
    QiwiApi (0.1.0)
      nokogiri (~> 1.6, >= 1.6.8)
      nori (~> 2.6.0)

GEM
  remote: https://rubygems.org/
  specs:
    httparty (0.17.0)
      mime-types (~> 3.0)
      multi_xml (>= 0.5.2)
    mime-types (3.2.2)
      mime-types-data (~> 3.2015)
    mime-types-data (3.2019.0331)
    mini_portile2 (2.4.0)
    multi_xml (0.6.0)
    nokogiri (1.10.3)
      mini_portile2 (~> 2.4.0)
    nori (2.6.0)
    rake (10.5.0)

PLATFORMS
  ruby

DEPENDENCIES
  QiwiApi!
  bundler (~> 2.0)
  httparty
  rake (~> 10.0)

BUNDLED WITH
   2.0.1
